GEM
  remote: https://rubygems.org/
  specs:
    awesome_print (1.9.2)
    byebug (12.0.0)
    colorize (1.1.0)
    ffi (1.17.2)
    ffi (1.17.2-x86_64-linux-gnu)
    pcre2 (0.2.0)
      ffi
    ripgrep (0.1.3)
    thor (1.3.2)

PLATFORMS
  ruby
  x86_64-linux

DEPENDENCIES
  awesome_print
  byebug
  colorize (~> 1.1)
  pcre2
  ripgrep
  thor

BUNDLED WITH
   2.5.22
